GIT
  remote: git://github.com/tomykaira/clockwork.git
  revision: e1f71bb060e8277d01ae2ff67f7692406e7d58c9
  specs:
    clockwork (1.0.2)
      activesupport
      tzinfo

GEM
  remote: https://rubygems.org/
  specs:
    actionmailer (4.2.0.beta4)
      actionpack (= 4.2.0.beta4)
      actionview (= 4.2.0.beta4)
      activejob (= 4.2.0.beta4)
      mail (~> 2.5, >= 2.5.4)
      rails-dom-testing (~> 1.0, >= 1.0.4)
    actionpack (4.2.0.beta4)
      actionview (= 4.2.0.beta4)
      activesupport (= 4.2.0.beta4)
      rack (~> 1.6.0.beta)
      rack-test (~> 0.6.2)
      rails-dom-testing (~> 1.0, >= 1.0.4)
      rails-html-sanitizer (~> 1.0, >= 1.0.1)
    actionview (4.2.0.beta4)
      activesupport (= 4.2.0.beta4)
      builder (~> 3.1)
      erubis (~> 2.7.0)
      rails-dom-testing (~> 1.0, >= 1.0.4)
      rails-html-sanitizer (~> 1.0, >= 1.0.1)
    activejob (4.2.0.beta4)
      activesupport (= 4.2.0.beta4)
      globalid (>= 0.3.0)
    activemodel (4.2.0.beta4)
      activesupport (= 4.2.0.beta4)
      builder (~> 3.1)
    activerecord (4.2.0.beta4)
      activemodel (= 4.2.0.beta4)
      activesupport (= 4.2.0.beta4)
      arel (>= 6.0.0.beta2, < 6.1)
    activesupport (4.2.0.beta4)
      i18n (>= 0.7.0.beta1, < 0.8)
      json (~> 1.7, >= 1.7.7)
      minitest (~> 5.1)
      thread_safe (~> 0.1)
      tzinfo (~> 1.1)
    arel (6.0.0.beta2)
    bcrypt (3.1.9)
    binding_of_caller (0.7.3.pre1)
      debug_inspector (>= 0.0.1)
    builder (3.2.2)
    byebug (3.5.1)
      columnize (~> 0.8)
      debugger-linecache (~> 1.2)
      slop (~> 3.6)
    climate_control (0.0.3)
      activesupport (>= 3.0)
    cocaine (0.5.4)
      climate_control (>= 0.0.3, < 1.0)
    coffee-rails (4.1.0)
      coffee-script (>= 2.2.0)
      railties (>= 4.0.0, < 5.0)
    coffee-script (2.3.0)
      coffee-script-source
      execjs
    coffee-script-source (1.8.0)
    columnize (0.8.9)
    curb (0.8.6)
    daemons (1.1.9)
    debug_inspector (0.0.2)
    debugger-linecache (1.2.0)
    devise (3.4.1)
      bcrypt (~> 3.0)
      orm_adapter (~> 0.1)
      railties (>= 3.2.6, < 5)
      responders
      thread_safe (~> 0.1)
      warden (~> 1.2.3)
    erubis (2.7.0)
    execjs (2.2.2)
    feedjira (1.5.0)
      curb (~> 0.8)
      loofah (~> 2.0)
      sax-machine (~> 1.0)
    font-awesome-sass (4.2.2)
      sass (~> 3.2)
    foundation-rails (5.4.5.0)
      railties (>= 3.1.0)
      sass (>= 3.2.0)
    globalid (0.3.0)
      activesupport (>= 4.1.0)
    hike (1.2.3)
    i18n (0.7.0.beta1)
    jbuilder (2.2.4)
      activesupport (>= 3.0.0, < 5)
      multi_json (~> 1.2)
    jquery-rails (3.1.2)
      railties (>= 3.0, < 5.0)
      thor (>= 0.14, < 2.0)
    jquery-slick-rails (1.3.15)
      railties (>= 3.1)
    json (1.8.1)
    kramdown (1.5.0)
    libv8 (3.16.14.7)
    loofah (2.0.1)
      nokogiri (>= 1.5.9)
    mail (2.6.3)
      mime-types (>= 1.16, < 3)
    mime-types (2.4.3)
    mini_portile (0.6.1)
    minitest (5.4.3)
    multi_json (1.10.1)
    nokogiri (1.6.4.1)
      mini_portile (~> 0.6.0)
    orm_adapter (0.5.0)
    paperclip (4.2.0)
      activemodel (>= 3.0.0)
      activesupport (>= 3.0.0)
      cocaine (~> 0.5.3)
      mime-types
    puma (2.9.2)
      rack (>= 1.1, < 2.0)
    rack (1.6.0.beta)
    rack-test (0.6.2)
      rack (>= 1.0)
    rails (4.2.0.beta4)
      actionmailer (= 4.2.0.beta4)
      actionpack (= 4.2.0.beta4)
      actionview (= 4.2.0.beta4)
      activejob (= 4.2.0.beta4)
      activemodel (= 4.2.0.beta4)
      activerecord (= 4.2.0.beta4)
      activesupport (= 4.2.0.beta4)
      bundler (>= 1.3.0, < 2.0)
      railties (= 4.2.0.beta4)
      sprockets-rails (~> 3.0.0.beta1)
    rails-deprecated_sanitizer (1.0.3)
      activesupport (>= 4.2.0.alpha)
    rails-dom-testing (1.0.4)
      activesupport (>= 4.2.0.beta, < 5.0)
      nokogiri (~> 1.6.0)
      rails-deprecated_sanitizer (>= 1.0.1)
    rails-html-sanitizer (1.0.1)
      loofah (~> 2.0)
    railties (4.2.0.beta4)
      actionpack (= 4.2.0.beta4)
      activesupport (= 4.2.0.beta4)
      rake (>= 0.8.7)
      thor (>= 0.18.1, < 2.0)
    rake (10.3.2)
    ref (1.0.5)
    responders (2.0.2)
      railties (>= 4.2.0.alpha, < 5)
    sass (3.4.8)
    sass-rails (5.0.0.beta1)
      railties (>= 4.0.0, < 5.0)
      sass (~> 3.2)
      sprockets (~> 2.12)
      sprockets-rails (>= 2.0, < 4.0)
    sax-machine (1.0.3)
    slim (2.1.0)
      temple (~> 0.6.9)
      tilt (>= 1.3.3, < 2.1)
    slim-rails (2.1.5)
      actionpack (>= 3.0, < 4.2)
      activesupport (>= 3.0, < 4.2)
      railties (>= 3.0, < 4.2)
      slim (~> 2.0)
    slop (3.6.0)
    sprockets (2.12.2)
      hike (~> 1.2)
      multi_json (~> 1.0)
      rack (~> 1.0)
      tilt (~> 1.1, != 1.3.0)
    sprockets-rails (3.0.0.beta1)
      actionpack (>= 4.0)
      activesupport (>= 4.0)
      sprockets (~> 2.8)
    sqlite3 (1.3.10)
    temple (0.6.10)
    therubyracer (0.12.1)
      libv8 (~> 3.16.14.0)
      ref
    thor (0.19.1)
    thread_safe (0.3.4)
    tilt (1.4.1)
    turbolinks (2.4.0)
      coffee-rails
    tzinfo (1.2.2)
      thread_safe (~> 0.1)
    uglifier (2.5.3)
      execjs (>= 0.3.0)
      json (>= 1.8.0)
    warden (1.2.3)
      rack (>= 1.0)
    web-console (2.0.0.beta4)
      activemodel (~> 4.0)
      binding_of_caller (= 0.7.3.pre1)
      railties (~> 4.0)
      sprockets-rails (>= 2.0, < 4.0)

PLATFORMS
  ruby

DEPENDENCIES
  byebug (~> 3.5.1)
  clockwork!
  coffee-rails (~> 4.1.0)
  daemons (~> 1.1.9)
  devise (~> 3.4.1)
  feedjira (~> 1.5.0)
  font-awesome-sass (~> 4.2.2)
  foundation-rails (~> 5.4.5.0)
  jbuilder (~> 2.2.4)
  jquery-rails (~> 3.1.2)
  jquery-slick-rails (~> 1.3.15)
  kramdown (~> 1.5.0)
  paperclip (~> 4.2.0)
  puma (~> 2.9.2)
  rails (~> 4.2.0.beta4)
  rails-html-sanitizer (~> 1.0.1)
  sass-rails (~> 5.0.0.beta1)
  slim-rails (~> 2.1.5)
  sqlite3 (~> 1.3.10)
  therubyracer
  turbolinks (~> 2.4.0)
  uglifier (~> 2.5.3)
  web-console (~> 2.0.0.beta4)
